GIT
  remote: https://github.com/snievas/rdoc-rouge.git
  revision: cccc6082098323f11e03b2631561dd5ea284792c
  specs:
    rdoc-rouge (0.1.0)
      rdoc (~> 4.0)
      rouge (~> 1.3)

GEM
  remote: http://rubygems.org/
  specs:
    backports (3.6.4)
    chunky_png (1.3.3)
    coffee-script (2.3.0)
      coffee-script-source
      execjs
    coffee-script-source (1.8.0)
    compass (1.0.1)
      chunky_png (~> 1.2)
      compass-core (~> 1.0.1)
      compass-import-once (~> 1.0.5)
      rb-fsevent (>= 0.9.3)
      rb-inotify (>= 0.9)
      sass (>= 3.3.13, < 3.5)
    compass-core (1.0.1)
      multi_json (~> 1.0)
      sass (>= 3.3.0, < 3.5)
    compass-import-once (1.0.5)
      sass (>= 3.2, < 3.5)
    execjs (2.2.2)
    ffi (1.9.6)
    glorify (0.5.0)
      nokogiri
      rdoc-rouge
      sinatra
    hike (1.2.3)
    json (1.8.1)
    mini_portile (0.6.2)
    multi_json (1.10.1)
    nokogiri (1.6.6.2)
      mini_portile (~> 0.6.0)
    puma (2.8.2)
      rack (>= 1.1, < 2.0)
    rack (1.6.0)
    rack-protection (1.5.3)
      rack
    rack-test (0.6.2)
      rack (>= 1.0)
    rake (10.4.2)
    rb-fsevent (0.9.4)
    rb-inotify (0.9.5)
      ffi (>= 0.5.0)
    rdoc (4.2.0)
      json (~> 1.4)
    rouge (1.8.0)
    ruby18_source_location (0.2)
    sass (3.4.9)
    sass-globbing (1.1.1)
      sass (>= 3.1)
    shotgun (0.9)
      rack (>= 1.0)
    sinatra (1.4.5)
      rack (~> 1.4)
      rack-protection (~> 1.4)
      tilt (~> 1.3, >= 1.3.4)
    sinatra-asset-pipeline (0.6.0)
      coffee-script (~> 2.3)
      rake (~> 10.0)
      sass (~> 3.1)
      sinatra (~> 1.4)
      sprockets (~> 2.12)
      sprockets-helpers (~> 1.1)
      sprockets-sass (~> 1.2)
    sinatra-contrib (1.4.2)
      backports (>= 2.0)
      multi_json
      rack-protection
      rack-test
      sinatra (~> 1.4.0)
      tilt (~> 1.3)
    sinatra-param (1.3.1)
      sinatra (~> 1.3)
    sinatra-support (1.2.2)
      sinatra (>= 1.0)
    slim (2.1.0)
      temple (~> 0.6.9)
      tilt (>= 1.3.3, < 2.1)
    sprockets (2.12.3)
      hike (~> 1.2)
      multi_json (~> 1.0)
      rack (~> 1.0)
      tilt (~> 1.1, != 1.3.0)
    sprockets-helpers (1.1.0)
      sprockets (~> 2.0)
    sprockets-sass (1.3.0)
      sprockets (~> 2.0)
      tilt (~> 1.1)
    temple (0.6.10)
    tilt (1.4.1)

PLATFORMS
  ruby

DEPENDENCIES
  compass
  glorify
  json
  puma
  rdoc-rouge!
  rouge (~> 1.3)
  ruby18_source_location
  sass-globbing (~> 1.1.0)
  shotgun
  sinatra
  sinatra-asset-pipeline
  sinatra-contrib
  sinatra-param
  sinatra-support
  slim (~> 2.1.0)
  tilt (~> 1.4.1)
